GEM
  remote: https://rubygems.org/
  specs:
    awesome_print (1.0.2)
    eventmachine (0.12.10)
    igrigorik-em-http-request (0.1.8)
      eventmachine (>= 0.12.2)
    rack (1.4.1)
    rack-protection (1.2.0)
      rack
    sinatra (1.3.2)
      rack (~> 1.3, >= 1.3.6)
      rack-protection (~> 1.2)
      tilt (~> 1.3, >= 1.3.3)
    tilt (1.3.3)

PLATFORMS
  ruby

DEPENDENCIES
  awesome_print
  eventmachine
  igrigorik-em-http-request
  sinatra
